PATH
  remote: .
  specs:
    old_fashioned (0.0.1)
      bourbon (>= 2.1)
      sass (>= 3.2)

GEM
  remote: https://rubygems.org/
  specs:
    bourbon (3.1.8)
      sass (>= 3.2.0)
      thor
    sass (3.2.10)
    sqlite3 (1.3.8)
    thor (0.18.1)

PLATFORMS
  ruby

DEPENDENCIES
  old_fashioned!
  sqlite3
